PATH
  remote: .
  specs:
    errbit_plugin (0.6.0)

GEM
  remote: https://rubygems.org/
  specs:
    ast (2.4.2)
    bigdecimal (3.1.9)
    coveralls (0.8.23)
      json (>= 1.8, < 3)
      simplecov (~> 0.16.1)
      term-ansicolor (~> 1.3)
      thor (>= 0.19.4, < 2.0)
      tins (~> 1.6)
    diff-lcs (1.6.0)
    docile (1.4.1)
    json (2.10.2)
    language_server-protocol (3.17.0.4)
    lint_roller (1.1.0)
    parallel (1.26.3)
    parser (3.3.7.1)
      ast (~> 2.4.1)
      racc
    racc (1.8.1)
    rainbow (3.1.1)
    rake (13.2.1)
    regexp_parser (2.10.0)
    rspec (3.13.0)
      rspec-core (~> 3.13.0)
      rspec-expectations (~> 3.13.0)
      rspec-mocks (~> 3.13.0)
    rspec-core (3.13.3)
      rspec-support (~> 3.13.0)
    rspec-expectations (3.13.3)
      diff-lcs (>= 1.2.0, < 2.0)
      rspec-support (~> 3.13.0)
    rspec-mocks (3.13.2)
      diff-lcs (>= 1.2.0, < 2.0)
      rspec-support (~> 3.13.0)
    rspec-support (3.13.2)
    rubocop (1.73.2)
      json (~> 2.3)
      language_server-protocol (~> 3.17.0.2)
      lint_roller (~> 1.1.0)
      parallel (~> 1.10)
      parser (>= 3.3.0.2)
      rainbow (>= 2.2.2, < 4.0)
      regexp_parser (>= 2.9.3, < 3.0)
      rubocop-ast (>= 1.38.0, < 2.0)
      ruby-progressbar (~> 1.7)
      unicode-display_width (>= 2.4.0, < 4.0)
    rubocop-ast (1.39.0)
      parser (>= 3.3.1.0)
    rubocop-performance (1.24.0)
      lint_roller (~> 1.1)
      rubocop (>= 1.72.1, < 2.0)
      rubocop-ast (>= 1.38.0, < 2.0)
    ruby-progressbar (1.13.0)
    simplecov (0.16.1)
      docile (~> 1.1)
      json (>= 1.8, < 3)
      simplecov-html (~> 0.10.0)
    simplecov-html (0.10.2)
    standard (1.47.0)
      language_server-protocol (~> 3.17.0.2)
      lint_roller (~> 1.0)
      rubocop (~> 1.73.0)
      standard-custom (~> 1.0.0)
      standard-performance (~> 1.7)
    standard-custom (1.0.2)
      lint_roller (~> 1.0)
      rubocop (~> 1.50)
    standard-performance (1.7.0)
      lint_roller (~> 1.1)
      rubocop-performance (~> 1.24.0)
    sync (0.5.0)
    term-ansicolor (1.11.2)
      tins (~> 1.0)
    thor (1.3.2)
    tins (1.38.0)
      bigdecimal
      sync
    unicode-display_width (3.1.4)
      unicode-emoji (~> 4.0, >= 4.0.4)
    unicode-emoji (4.0.4)

PLATFORMS
  aarch64-linux-gnu
  aarch64-linux-musl
  arm-linux-gnu
  arm-linux-musl
  arm64-darwin
  ruby
  x86-linux-gnu
  x86-linux-musl
  x86_64-darwin
  x86_64-linux-gnu
  x86_64-linux-musl

DEPENDENCIES
  coveralls
  errbit_plugin!
  rake
  rspec
  standard

CHECKSUMS
  ast (2.4.2) sha256=1e280232e6a33754cde542bc5ef85520b74db2aac73ec14acef453784447cc12
  bigdecimal (3.1.9) sha256=2ffc742031521ad69c2dfc815a98e426a230a3d22aeac1995826a75dabfad8cc
  coveralls (0.8.23) sha256=ac63872cc7ace7274f26f29caf4edabba6eb0bb3970627d83a1e76478b7564d7
  diff-lcs (1.6.0) sha256=a1e7f7b272962f8fc769358ad00001b87cdcf32ba349d6c70c6b544613d2da2e
  docile (1.4.1) sha256=96159be799bfa73cdb721b840e9802126e4e03dfc26863db73647204c727f21e
  errbit_plugin (0.6.0)
  json (2.10.2) sha256=34e0eada93022b2a0a3345bb0b5efddb6e9ff5be7c48e409cfb54ff8a36a8b06
  language_server-protocol (3.17.0.4) sha256=c484626478664fd13482d8180947c50a8590484b1258b99b7aedb3b69df89669
  lint_roller (1.1.0) sha256=2c0c845b632a7d172cb849cc90c1bce937a28c5c8ccccb50dfd46a485003cc87
  parallel (1.26.3) sha256=d86babb7a2b814be9f4b81587bf0b6ce2da7d45969fab24d8ae4bf2bb4d4c7ef
  parser (3.3.7.1) sha256=7dbe61618025519024ac72402a6677ead02099587a5538e84371b76659e6aca1
  racc (1.8.1) sha256=4a7f6929691dbec8b5209a0b373bc2614882b55fc5d2e447a21aaa691303d62f
  rainbow (3.1.1) sha256=039491aa3a89f42efa1d6dec2fc4e62ede96eb6acd95e52f1ad581182b79bc6a
  rake (13.2.1) sha256=46cb38dae65d7d74b6020a4ac9d48afed8eb8149c040eccf0523bec91907059d
  regexp_parser (2.10.0) sha256=cb6f0ddde88772cd64bff1dbbf68df66d376043fe2e66a9ef77fcb1b0c548c61
  rspec (3.13.0) sha256=d490914ac1d5a5a64a0e1400c1d54ddd2a501324d703b8cfe83f458337bab993
  rspec-core (3.13.3) sha256=25136507f4f9cf2e8977a2851e64e438b4331646054e345998714108745cdfe4
  rspec-expectations (3.13.3) sha256=0e6b5af59b900147698ea0ff80456c4f2e69cac4394fbd392fbd1ca561f66c58
  rspec-mocks (3.13.2) sha256=2327335def0e1665325a9b617e3af9ae20272741d80ac550336309a7c59abdef
  rspec-support (3.13.2) sha256=cea3a2463fd9b84b9dcc9685efd80ea701aa8f7b3decb3b3ce795ed67737dbec
  rubocop (1.73.2) sha256=35cd1b1365ba97234323fe771abcecd09c9b77098464cd726c76aa7d9bc12b5d
  rubocop-ast (1.39.0) sha256=b6ba0f677ceced033b81c69405ac8931f4963116c572b8da5e15a03619a8236c
  rubocop-performance (1.24.0) sha256=e5bd39ff3e368395b9af886927cc37f5892f43db4bd6c8526594352d5b4440b5
  ruby-progressbar (1.13.0) sha256=80fc9c47a9b640d6834e0dc7b3c94c9df37f08cb072b7761e4a71e22cff29b33
  simplecov (0.16.1) sha256=8724f0911bbb2b7a3c11155e6d57987cad311f9e5ce7b305b1e2e67fdc73dee9
  simplecov-html (0.10.2) sha256=f65306e2695913c007ddc8d31d6318f37ae074f2ee1cea1647b3bf4c94ca30d2
  standard (1.47.0) sha256=b0da6b71d8dec53e760c7216b723e3507ebdcd6962f7ce7c37c016a36c7cc190
  standard-custom (1.0.2) sha256=424adc84179a074f1a2a309bb9cf7cd6bfdb2b6541f20c6bf9436c0ba22a652b
  standard-performance (1.7.0) sha256=c46a9aef3348c0cfc03053ed9a1c1f73b967f7e4edcdf30dac0101b143897314
  sync (0.5.0) sha256=668356cc07c59ac7ed9ecf34fec3929831f179c07adb1f3e1c3b7a1609a638fd
  term-ansicolor (1.11.2) sha256=4b00c63f21d496055045240907da30de077e8c6502b2ba7e8638509d689e5083
  thor (1.3.2) sha256=eef0293b9e24158ccad7ab383ae83534b7ad4ed99c09f96f1a6b036550abbeda
  tins (1.38.0) sha256=99acd138b73d5b1b2dd8e72f1707ac0905c8f63f729ddd7c746d2d3c3803886d
  unicode-display_width (3.1.4) sha256=8caf2af1c0f2f07ec89ef9e18c7d88c2790e217c482bfc78aaa65eadd5415ac1
  unicode-emoji (4.0.4) sha256=2c2c4ef7f353e5809497126285a50b23056cc6e61b64433764a35eff6c36532a

BUNDLED WITH
   2.6.5
